GEM
  remote: http://rubygems.org/
  specs:
    aws_cf_signer (0.1.3)
    bson (1.12.5)
    bson_ext (1.12.5)
      bson (~> 1.12.5)
    cloudinary (1.2.3)
      aws_cf_signer
      rest-client
    domain_name (0.5.20160826)
      unf (>= 0.0.5, < 1.0.0)
    http-cookie (1.0.2)
      domain_name (~> 0.5)
    json (2.0.2)
    mime-types (3.1)
      mime-types-data (~> 3.2015)
    mime-types-data (3.2016.0521)
    mongo (1.12.5)
      bson (= 1.12.5)
    netrc (0.11.0)
    rack (1.6.11)
    rack-protection (1.5.5)
      rack
    rest-client (2.0.0)
      http-cookie (>= 1.0.2, < 2.0)
      mime-types (>= 1.16, < 4.0)
      netrc (~> 0.8)
    sinatra (1.4.7)
      rack (~> 1.5)
      rack-protection (~> 1.4)
      tilt (>= 1.3, < 3)
    tilt (2.0.5)
    unf (0.1.4)
      unf_ext
    unf_ext (0.0.7.2)

PLATFORMS
  ruby

DEPENDENCIES
  bson_ext
  cloudinary
  json (>= 1.8.2)
  mongo
  sinatra

BUNDLED WITH
   1.12.5
